GIT
  remote: git://github.com/trema/phut.git
  revision: f43a8c4e94eeb18c83e1535e81adbc860df12b75
  branch: develop
  specs:
    phut (0.7.7)
      activesupport (~> 4.2.6)
      gli (~> 2.13.4)
      pio (~> 0.30.0)
      pry (~> 0.10.3)

GIT
  remote: git://github.com/trema/trema.git
  revision: 265dc3762cdc1dc73c3f00a27fc8a04197f5f028
  branch: develop
  specs:
    trema (0.10.1)
      bundler (>= 1.11.2, < 2.0)
      gli (~> 2.13.4)
      phut (~> 0.7.7)
      pio (~> 0.30.0)

GIT
  remote: git://github.com/yasuhito/net_tester.git
  revision: 232a21ee39da7ac9dff843e05262939a5f6565ff
  branch: develop
  specs:
    net_tester (0.2.0)
      faker (~> 1.6, >= 1.6)
      gli (= 2.13.4)
      pio (~> 0.30.0)

GEM
  remote: https://rubygems.org/
  specs:
    activesupport (4.2.7.1)
      i18n (~> 0.7)
      json (~> 1.7, >= 1.7.7)
      minitest (~> 5.1)
      thread_safe (~> 0.3, >= 0.3.4)
      tzinfo (~> 1.1)
    aruba (0.14.1)
      childprocess (~> 0.5.6)
      contracts (~> 0.9)
      cucumber (>= 1.3.19)
      ffi (~> 1.9.10)
      rspec-expectations (>= 2.99)
      thor (~> 0.19)
    ast (2.2.0)
    bindata (2.1.0)
    builder (3.2.2)
    childprocess (0.5.9)
      ffi (~> 1.0, >= 1.0.11)
    coderay (1.1.1)
    contracts (0.14.0)
    cucumber (2.4.0)
      builder (>= 2.1.2)
      cucumber-core (~> 1.5.0)
      cucumber-wire (~> 0.0.1)
      diff-lcs (>= 1.1.3)
      gherkin (~> 4.0)
      multi_json (>= 1.7.5, < 2.0)
      multi_test (>= 0.1.2)
    cucumber-core (1.5.0)
      gherkin (~> 4.0)
    cucumber-wire (0.0.1)
    diff-lcs (1.2.5)
    factory_girl (4.7.0)
      activesupport (>= 3.0.0)
    faker (1.6.6)
      i18n (~> 0.5)
    ffi (1.9.14)
    gherkin (4.0.0)
    gli (2.13.4)
    i18n (0.7.0)
    json (1.8.3)
    method_source (0.8.2)
    minitest (5.9.0)
    multi_json (1.12.1)
    multi_test (0.1.2)
    parser (2.3.1.0)
      ast (~> 2.2)
    pio (0.30.0)
      activesupport (~> 4.2, >= 4.2.4)
      bindata (~> 2.1.0)
    powerpack (0.1.1)
    pry (0.10.4)
      coderay (~> 1.1.0)
      method_source (~> 0.8.1)
      slop (~> 3.4)
    rainbow (2.1.0)
    rake (11.2.2)
    rspec-expectations (3.5.0)
      diff-lcs (>= 1.2.0, < 2.0)
      rspec-support (~> 3.5.0)
    rspec-support (3.5.0)
    rubocop (0.40.0)
      parser (>= 2.3.1.0, < 3.0)
      powerpack (~> 0.1)
      rainbow (>= 1.99.1, < 3.0)
      ruby-progressbar (~> 1.7)
      unicode-display_width (~> 1.0, >= 1.0.1)
    ruby-progressbar (1.8.1)
    slop (3.6.0)
    thor (0.19.1)
    thread_safe (0.3.5)
    tzinfo (1.2.2)
      thread_safe (~> 0.1)
    unicode-display_width (1.0.5)

PLATFORMS
  ruby

DEPENDENCIES
  aruba
  cucumber
  factory_girl
  net_tester!
  phut!
  rake
  rubocop
  trema!

BUNDLED WITH
   1.12.5
